GEM
  remote: http://rubygems.org/
  specs:
    ethon (0.5.10)
      ffi (~> 1.3.0)
      mime-types (~> 1.18)
    ffi (1.3.1)
    httparty (0.10.2)
      multi_json (~> 1.0)
      multi_xml (>= 0.5.2)
    mime-types (1.21)
    multi_json (1.6.1)
    multi_xml (0.5.3)
    typhoeus (0.6.2)
      ethon (~> 0.5.10)

PLATFORMS
  ruby

DEPENDENCIES
  httparty (= 0.10.2)
  typhoeus (= 0.6.2)
