GEM
  remote: http://rubygems.org/
  specs:
    ethon (0.5.11)
      ffi (>= 1.3.0)
      mime-types (~> 1.18)
    eventmachine (1.0.3)
    ffi (1.7.0)
    httparty (0.11.0)
      multi_json (~> 1.0)
      multi_xml (>= 0.5.2)
    mime-types (1.22)
    multi_json (1.7.2)
    multi_xml (0.5.3)
    nokogiri (1.5.9)
    typhoeus (0.6.3)
      ethon (~> 0.5.11)
    websocket (1.1.4)
    websocket-eventmachine-base (1.1.0)
      eventmachine (~> 1.0)
      websocket (~> 1.0)
      websocket-native (~> 1.0)
    websocket-eventmachine-client (1.1.0)
      websocket-eventmachine-base (~> 1.0)
    websocket-native (1.0.0)

PLATFORMS
  ruby

DEPENDENCIES
  httparty (= 0.11.0)
  nokogiri (= 1.5.9)
  typhoeus (= 0.6.3)
  websocket-eventmachine-client (= 1.1.0)
